GEM
  remote: http://rubygems.org/
  specs:
    builder (3.0.0)
    coderay (1.0.7)
    daemons (1.1.8)
    eventmachine (0.12.10)
    ffi (1.0.11)
    guard (0.10.0)
      ffi (>= 0.5.0)
      thor (~> 0.14.6)
    guard-test (0.4.3)
      guard (>= 0.4)
      test-unit (~> 2.2)
    json (1.7.3)
    jwt (0.1.4)
      json (>= 1.2.4)
    method_source (0.7.1)
    multi_json (1.3.6)
    pry (0.9.9.6)
      coderay (~> 1.0.5)
      method_source (~> 0.7.1)
      slop (>= 2.4.4, < 3)
    rack (1.4.1)
    rack-test (0.6.1)
      rack (>= 1.0)
    rake (0.9.2.2)
    rb-fsevent (0.9.1)
    ruby_gntp (0.3.4)
    sinatra (1.1.0)
      rack (~> 1.1)
      tilt (~> 1.1)
    slop (2.4.4)
    test-unit (2.4.4)
    thin (1.3.1)
      daemons (>= 1.0.9)
      eventmachine (>= 0.12.6)
      rack (>= 1.0.0)
    thor (0.14.6)
    tilt (1.3.3)
    twilio-ruby (3.7.0)
      builder (>= 2.1.2)
      jwt (>= 0.1.2)
      multi_json (>= 1.3.0)

PLATFORMS
  ruby

DEPENDENCIES
  builder
  guard-test
  pry
  rack-test
  rake
  rb-fsevent
  ruby_gntp
  sinatra (= 1.1.0)
  thin
  twilio-ruby
